GEM
  remote: https://rubygems.org/
  specs:
    kitchen-ansible (0.0.15)
      test-kitchen
    kitchen-docker (2.1.0)
      test-kitchen (>= 1.0.0)
    mixlib-shellout (2.0.1)
    net-scp (1.2.1)
      net-ssh (>= 2.6.5)
    net-ssh (2.9.2)
    safe_yaml (1.0.4)
    test-kitchen (1.4.0)
      mixlib-shellout (>= 1.2, < 3.0)
      net-scp (~> 1.1)
      net-ssh (~> 2.7)
      safe_yaml (~> 1.0)
      thor (~> 0.18)
    thor (0.19.1)

PLATFORMS
  ruby

DEPENDENCIES
  kitchen-ansible (~> 0.0.15)
  kitchen-docker (~> 2.1.0)
  test-kitchen (~> 1.4.0)
